GIT
  remote: git://github.com/ahoward/mongoid-grid_fs.git
  revision: 4dbecf14dce0a221888e2f8883c6cfce3c481647
  specs:
    mongoid-grid_fs (2.1.0)
      mime-types (>= 1.0, < 3.0)
      mongoid (>= 3.0, < 5.0)

GIT
  remote: git://github.com/bokmann/font-awesome-rails.git
  revision: d4cc84463a8df29e1d5fd534a53cb7ef62a80ef6
  specs:
    font-awesome-rails (4.1.0.0)
      railties (>= 3.2, < 5.0)

GIT
  remote: git://github.com/doorkeeper-gem/doorkeeper.git
  revision: ad5b17e4d21b6bc1f596d20f47cbbf2b3f257aa6
  specs:
    doorkeeper (1.3.1)
      railties (>= 3.1)

GIT
  remote: git://github.com/guard/guard-livereload.git
  revision: 959cbe22cd258460791a7925c95f2069bf5748d4
  specs:
    guard-livereload (2.3.0)
      em-websocket (~> 0.5)
      guard (~> 2.0)
      multi_json (~> 1.8)

GIT
  remote: git://github.com/intridea/omniauth-oauth2.git
  revision: 456f34b4044645641c30e7bc7c7b70410a92bf1b
  specs:
    omniauth-oauth2 (1.2.0)
      faraday (>= 0.8, < 0.10)
      multi_json (~> 1.3)
      oauth2 (~> 1.0)
      omniauth (~> 1.2)

GIT
  remote: git://github.com/jasl/omniauth-wechat.git
  revision: 167f7f4918f34aa1d46692b1ff13c2476c949030
  specs:
    omniauth-wechat (0.1.25)
      multi_json
      oauth2
      omniauth (~> 1.0)

GIT
  remote: git://github.com/jasl/tenpay.git
  revision: c40fe891f747fc9f3dbc1ada7bf6c6b7f18cc66e
  specs:
    jasl_tenpay (1.1.1)

GIT
  remote: git://github.com/jasl/weibo_2.git
  revision: 9ac33f943d51d0d42d47271103cd2f97b1a2e299
  specs:
    weibo_2 (0.1.6)
      hashie (~> 2)
      multi_json (~> 1)
      oauth2 (~> 1)
      rest-client (~> 1)

GIT
  remote: git://github.com/jasl/wx_pay.git
  revision: 1fa6ade437289662de34647f24a1910df7dcff3b
  specs:
    wx_pay (0.0.2)
      activesupport (~> 4)
      rest-client (~> 1.7)

GIT
  remote: git://github.com/ryanb/letter_opener.git
  revision: a17ae8700f98fd7c230c6659b60809714763bc12
  branch: master
  specs:
    letter_opener (1.2.0)
      launchy (~> 2.2)

GIT
  remote: git://github.com/sunbo/omniauth-qq-oauth2.git
  revision: 785b391e14b16e2c69aec79f6db922ddc2ad4f6e
  specs:
    omniauth-qq-oauth2 (0.0.1)
      multi_json
      omniauth (~> 1.0)
      omniauth-oauth2

GIT
  remote: git://github.com/werein/x-editable-rails.git
  revision: 9683170da75f9afb9fc6a4ce48aaf798708c845c
  specs:
    x-editable-rails (1.5.3)
      railties

GEM
  remote: https://ruby.taobao.org/
  specs:
    actionmailer (4.1.4)
      actionpack (= 4.1.4)
      actionview (= 4.1.4)
      mail (~> 2.5.4)
    actionpack (4.1.4)
      actionview (= 4.1.4)
      activesupport (= 4.1.4)
      rack (~> 1.5.2)
      rack-test (~> 0.6.2)
    actionview (4.1.4)
      activesupport (= 4.1.4)
      builder (~> 3.1)
      erubis (~> 2.7.0)
    activemodel (4.1.4)
      activesupport (= 4.1.4)
      builder (~> 3.1)
    activerecord (4.1.4)
      activemodel (= 4.1.4)
      activesupport (= 4.1.4)
      arel (~> 5.0.0)
    activeresource (4.0.0)
      activemodel (~> 4.0)
      activesupport (~> 4.0)
      rails-observers (~> 0.1.1)
    activesupport (4.1.4)
      i18n (~> 0.6, >= 0.6.9)
      json (~> 1.7, >= 1.7.7)
      minitest (~> 5.1)
      thread_safe (~> 0.1)
      tzinfo (~> 1.1)
    addressable (2.3.6)
    airbrake (4.0.0)
      builder
      multi_json
    alipay (0.1.0)
    apn_sender (2.0.1)
      activesupport (>= 3.1)
      connection_pool
      daemons
    arel (5.0.1.20140414130214)
    auto-correct (0.1.0.pre0)
      activesupport (> 3.0.0)
    autoprefixer-rails (3.0.1.20140826)
      execjs
    backbone-on-rails (1.1.1.0)
      actionmailer
      actionpack
      activemodel
      activeresource
      eco
      ejs
      jquery-rails
      railties
    bcrypt (3.1.7)
    bootstrap-sass (3.2.0.0)
      sass (~> 3.2)
    browser (0.6.0)
    bson (2.3.0)
    buftok (0.2.0)
    builder (3.2.2)
    callsite (0.0.11)
    cancancan (1.7.1)
    capistrano (3.2.1)
      i18n
      rake (>= 10.0.0)
      sshkit (~> 1.3)
    capistrano-bundler (1.1.2)
      capistrano (~> 3.0)
      sshkit (~> 1.2)
    capistrano-rails (1.1.1)
      capistrano (~> 3.1)
      capistrano-bundler (~> 1.1)
    capistrano-rvm (0.1.1)
      capistrano (~> 3.0)
      sshkit (~> 1.2)
    capistrano-sidekiq (0.3.4)
      capistrano
      sidekiq
    capistrano3-unicorn (0.2.1)
      capistrano (~> 3.1, >= 3.1.0)
    capybara (2.4.1)
      mime-types (>= 1.16)
      nokogiri (>= 1.3.3)
      rack (>= 1.0.0)
      rack-test (>= 0.5.4)
      xpath (~> 2.0)
    capybara-screenshot (0.3.20)
      capybara (>= 1.0, < 3)
      launchy
    capybara-webkit (1.1.0)
      capybara (~> 2.0, >= 2.0.2)
      json
    carrierwave (0.10.0)
      activemodel (>= 3.2.0)
      activesupport (>= 3.2.0)
      json (>= 1.7)
      mime-types (>= 1.16)
    carrierwave-mongoid (0.7.1)
      carrierwave (>= 0.8.0, < 0.11.0)
      mongoid (>= 3.0, < 5.0)
      mongoid-grid_fs (>= 1.3, < 3.0)
    carrierwave-upyun (0.1.8)
      carrierwave (>= 0.5.7)
      rest-client (>= 1.6.7)
    celluloid (0.16.0)
      timers (~> 4.0.0)
    china_city (0.0.4)
      jquery-rails
      rails (>= 3.1.0)
    chronic (0.10.2)
    chunky_png (1.3.1)
    coderay (1.1.0)
    coffee-rails (4.0.1)
      coffee-script (>= 2.2.0)
      railties (>= 4.0.0, < 5.0)
    coffee-script (2.3.0)
      coffee-script-source
      execjs
    coffee-script-source (1.7.1)
    colorize (0.7.3)
    compass (0.12.6)
      chunky_png (~> 1.2)
      fssm (>= 0.2.7)
      sass (~> 3.2.19)
    compass-rails (2.0.0)
      compass (>= 0.12.2)
    connection_pool (2.1.0)
    countries (0.9.3)
      currencies (~> 0.4.2)
    country_select (2.1.0)
      countries (~> 0.9, >= 0.9.3)
    currencies (0.4.2)
    daemons (1.1.9)
    database_cleaner (1.3.0)
    devise (3.2.4)
      bcrypt (~> 3.0)
      orm_adapter (~> 0.1)
      railties (>= 3.2.6, < 5)
      thread_safe (~> 0.1)
      warden (~> 1.2.3)
    diff-lcs (1.2.5)
    dkim (1.0.0)
    docile (1.1.5)
    eco (1.0.0)
      coffee-script
      eco-source
      execjs
    eco-source (1.1.0.rc.1)
    ejs (1.1.1)
    elasticsearch (1.0.6)
      elasticsearch-api (= 1.0.6)
      elasticsearch-transport (= 1.0.6)
    elasticsearch-api (1.0.6)
      multi_json
    elasticsearch-model (0.1.6)
      activesupport (> 3)
      elasticsearch (> 0.4)
      hashie
    elasticsearch-rails (0.1.6)
    elasticsearch-transport (1.0.6)
      faraday
      multi_json
    em-websocket (0.5.1)
      eventmachine (>= 0.12.9)
      http_parser.rb (~> 0.6.0)
    equalizer (0.0.9)
    erubis (2.7.0)
    eventmachine (1.0.3)
    execjs (2.2.1)
    factory_girl (4.4.0)
      activesupport (>= 3.0.0)
    factory_girl_rails (4.4.1)
      factory_girl (~> 4.4.0)
      railties (>= 3.0.0)
    faker (1.4.2)
      i18n (~> 0.5)
    faraday (0.9.0)
      multipart-post (>= 1.2, < 3)
    ffi (1.9.3)
    formatador (0.2.5)
    fssm (0.2.10)
    growl (1.0.3)
    guard (2.6.1)
      formatador (>= 0.2.4)
      listen (~> 2.7)
      lumberjack (~> 1.0)
      pry (>= 0.9.12)
      thor (>= 0.18.1)
    guard-rspec (4.2.10)
      guard (~> 2.1)
      rspec (>= 2.14, < 4.0)
    handlebars_assets (0.17.1)
      execjs (>= 1.2.9)
      multi_json
      sprockets (>= 2.0.3)
      tilt
    hashie (2.1.2)
    hike (1.2.3)
    hitimes (1.2.2)
    http (0.6.1)
      http_parser.rb (~> 0.6.0)
    http_parser.rb (0.6.0)
    i18n (0.6.11)
    jbuilder (2.1.3)
      activesupport (>= 3.0.0, < 5)
      multi_json (~> 1.2)
    jquery-fileupload-rails (0.4.1)
      actionpack (>= 3.1)
      railties (>= 3.1)
    jquery-rails (3.1.1)
      railties (>= 3.0, < 5.0)
      thor (>= 0.14, < 2.0)
    jquery-ui-rails (4.0.2)
      jquery-rails
      railties (>= 3.1.0)
    json (1.8.1)
    jwt (1.0.0)
    kaminari (0.16.1)
      actionpack (>= 3.0.0)
      activesupport (>= 3.0.0)
    kgio (2.9.2)
    launchy (2.4.2)
      addressable (~> 2.3)
    libnotify (0.8.3)
      ffi (>= 1.0.11)
    libv8 (3.16.14.3)
    listen (2.7.9)
      celluloid (>= 0.15.2)
      rb-fsevent (>= 0.9.3)
      rb-inotify (>= 0.9)
    lumberjack (1.0.9)
    mail (2.5.4)
      mime-types (~> 1.16)
      treetop (~> 1.4.8)
    marionette-rails (2.0.0)
      railties (>= 3.1)
    memoizable (0.4.2)
      thread_safe (~> 0.3, >= 0.3.1)
    meta_request (0.3.4)
      callsite (~> 0.0, >= 0.0.11)
      rack-contrib (~> 1.1)
      railties (>= 3.0.0, < 5.0.0)
    method_source (0.8.2)
    mime-types (1.25.1)
    mini_magick (3.7.0)
      subexec (~> 0.2.1)
    mini_portile (0.6.1)
    minitest (5.4.0)
    mongoid (4.0.0)
      activemodel (~> 4.0)
      moped (~> 2.0.0)
      origin (~> 2.1)
      tzinfo (>= 0.3.37)
    mongoid-rspec (1.10.0)
      mongoid (>= 3.0.1)
      rake
      rspec (>= 2.14)
    mongoid_paranoia (0.1.2)
      mongoid (> 3)
    mongoid_slug (3.2.1)
      mongoid (> 3.0)
      stringex (~> 2.0)
    moped (2.0.0)
      bson (~> 2.2)
      connection_pool (~> 2.0)
      optionable (~> 0.2.0)
    multi_json (1.10.1)
    multi_xml (0.5.5)
    multipart-post (2.0.0)
    naught (1.0.0)
    nested_form (0.3.2)
    net-scp (1.2.1)
      net-ssh (>= 2.6.5)
    net-ssh (2.9.1)
    netrc (0.7.7)
    newrelic_rpm (3.9.0.229)
    nokogiri (1.6.5)
      mini_portile (~> 0.6.0)
    oauth (0.4.7)
    oauth2 (1.0.0)
      faraday (>= 0.8, < 0.10)
      jwt (~> 1.0)
      multi_json (~> 1.3)
      multi_xml (~> 0.5)
      rack (~> 1.2)
    omniauth (1.2.2)
      hashie (>= 1.2, < 4)
      rack (~> 1.0)
    omniauth-douban-oauth2 (0.0.7)
      omniauth (~> 1.0)
      omniauth-oauth2 (~> 1.1)
    omniauth-oauth (1.0.1)
      oauth
      omniauth (~> 1.0)
    omniauth-twitter (1.0.1)
      multi_json (~> 1.3)
      omniauth-oauth (~> 1.0)
    omniauth-weibo-oauth2 (0.3.0)
      omniauth (~> 1.0)
      omniauth-oauth2 (~> 1.0)
    optionable (0.2.0)
    origin (2.1.1)
    orm_adapter (0.5.0)
    polyglot (0.3.5)
    pry (0.10.0)
      coderay (~> 1.1.0)
      method_source (~> 0.8.1)
      slop (~> 3.4)
    pry-rails (0.3.2)
      pry (>= 0.9.10)
    quiet_assets (1.0.3)
      railties (>= 3.1, < 5.0)
    rack (1.5.2)
    rack-contrib (1.1.0)
      rack (>= 0.9.1)
    rack-protection (1.5.3)
      rack
    rack-test (0.6.2)
      rack (>= 1.0)
    rack-utf8_sanitizer (1.2.2)
      rack (~> 1.0)
    rails (4.1.4)
      actionmailer (= 4.1.4)
      actionpack (= 4.1.4)
      actionview (= 4.1.4)
      activemodel (= 4.1.4)
      activerecord (= 4.1.4)
      activesupport (= 4.1.4)
      bundler (>= 1.3.0, < 2.0)
      railties (= 4.1.4)
      sprockets-rails (~> 2.0)
    rails-i18n (4.0.2)
      i18n (~> 0.6)
      rails (>= 4.0)
    rails-observers (0.1.2)
      activemodel (~> 4.0)
    rails-timeago (2.11.1)
      actionpack (>= 3.1)
      activesupport (>= 3.1)
    railties (4.1.4)
      actionpack (= 4.1.4)
      activesupport (= 4.1.4)
      rake (>= 0.8.7)
      thor (>= 0.18.1, < 2.0)
    raindrops (0.13.0)
    rake (10.3.2)
    rb-fsevent (0.9.4)
    rb-inotify (0.9.5)
      ffi (>= 0.5.0)
    redis (3.2.0)
    redis-actionpack (4.0.0)
      actionpack (~> 4)
      redis-rack (~> 1.5.0)
      redis-store (~> 1.1.0)
    redis-activesupport (4.0.0)
      activesupport (~> 4)
      redis-store (~> 1.1.0)
    redis-namespace (1.5.1)
      redis (~> 3.0, >= 3.0.4)
    redis-rack (1.5.0)
      rack (~> 1.5)
      redis-store (~> 1.1.0)
    redis-rails (4.0.0)
      redis-actionpack (~> 4)
      redis-activesupport (~> 4)
      redis-store (~> 1.1.0)
    redis-store (1.1.4)
      redis (>= 2.2)
    ref (1.0.5)
    rest-client (1.7.2)
      mime-types (>= 1.16, < 3.0)
      netrc (~> 0.7)
    rinku (1.7.3)
    rspec (3.0.0)
      rspec-core (~> 3.0.0)
      rspec-expectations (~> 3.0.0)
      rspec-mocks (~> 3.0.0)
    rspec-core (3.0.2)
      rspec-support (~> 3.0.0)
    rspec-expectations (3.0.2)
      diff-lcs (>= 1.2.0, < 2.0)
      rspec-support (~> 3.0.0)
    rspec-mocks (3.0.2)
      rspec-support (~> 3.0.0)
    rspec-rails (3.0.1)
      actionpack (>= 3.0)
      activesupport (>= 3.0)
      railties (>= 3.0)
      rspec-core (~> 3.0.0)
      rspec-expectations (~> 3.0.0)
      rspec-mocks (~> 3.0.0)
      rspec-support (~> 3.0.0)
    rspec-support (3.0.2)
    sass (3.2.19)
    sass-rails (4.0.3)
      railties (>= 4.0.0, < 5.0)
      sass (~> 3.2.0)
      sprockets (~> 2.8, <= 2.11.0)
      sprockets-rails (~> 2.0)
    settingslogic (2.0.9)
    sidekiq (3.3.0)
      celluloid (>= 0.16.0)
      connection_pool (>= 2.0.0)
      json
      redis (>= 3.0.6)
      redis-namespace (>= 1.3.1)
    sidekiq-limit_fetch (2.3.0)
      sidekiq (>= 2.6.5, < 4.0)
    simple_form (3.0.2)
      actionpack (~> 4.0)
      activemodel (~> 4.0)
    simple_oauth (0.2.0)
    simplecov (0.8.2)
      docile (~> 1.1.0)
      multi_json
      simplecov-html (~> 0.8.0)
    simplecov-html (0.8.0)
    sinatra (1.4.5)
      rack (~> 1.4)
      rack-protection (~> 1.4)
      tilt (~> 1.3, >= 1.3.4)
    sitemap_generator (5.0.4)
      builder
    slim (2.0.3)
      temple (~> 0.6.6)
      tilt (>= 1.3.3, < 2.1)
    slim-rails (2.1.5)
      actionpack (>= 3.0, < 4.2)
      activesupport (>= 3.0, < 4.2)
      railties (>= 3.0, < 4.2)
      slim (~> 2.0)
    slop (3.5.0)
    spring (1.1.3)
    spring-commands-rspec (1.0.2)
      spring (>= 0.9.1)
    sprockets (2.11.0)
      hike (~> 1.2)
      multi_json (~> 1.0)
      rack (~> 1.0)
      tilt (~> 1.1, != 1.3.0)
    sprockets-rails (2.1.3)
      actionpack (>= 3.0)
      activesupport (>= 3.0)
      sprockets (~> 2.8)
    sshkit (1.5.1)
      colorize
      net-scp (>= 1.1.2)
      net-ssh (>= 2.8.0)
    stringex (2.5.2)
    subexec (0.2.3)
    temple (0.6.8)
    therubyracer (0.12.1)
      libv8 (~> 3.16.14.0)
      ref
    thin (1.6.2)
      daemons (>= 1.0.9)
      eventmachine (>= 1.0.0)
      rack (>= 1.0.0)
    thor (0.19.1)
    thread_safe (0.3.4)
    tilt (1.4.1)
    timers (4.0.1)
      hitimes
    treetop (1.4.15)
      polyglot
      polyglot (>= 0.3.1)
    twitter (5.11.0)
      addressable (~> 2.3)
      buftok (~> 0.2.0)
      equalizer (~> 0.0.9)
      faraday (~> 0.9.0)
      http (~> 0.6.0)
      http_parser.rb (~> 0.6.0)
      json (~> 1.8)
      memoizable (~> 0.4.0)
      naught (~> 1.0)
      simple_oauth (~> 0.2.0)
    tzinfo (1.2.2)
      thread_safe (~> 0.1)
    uglifier (2.5.1)
      execjs (>= 0.3.0)
      json (>= 1.8.0)
    unicorn (4.8.3)
      kgio (~> 2.6)
      rack
      raindrops (~> 0.7)
    warden (1.2.3)
      rack (>= 1.0)
    whenever (0.9.2)
      activesupport (>= 2.3.4)
      chronic (>= 0.6.3)
    xpath (2.0.0)
      nokogiri (~> 1.3)

PLATFORMS
  ruby

DEPENDENCIES
  airbrake
  alipay
  apn_sender
  auto-correct
  autoprefixer-rails
  backbone-on-rails
  bootstrap-sass
  browser
  cancancan (~> 1.7.0)
  capistrano (~> 3.1)
  capistrano-bundler (~> 1.1)
  capistrano-rails (~> 1.1)
  capistrano-rvm
  capistrano-sidekiq
  capistrano3-unicorn
  capybara
  capybara-screenshot
  capybara-webkit
  carrierwave
  carrierwave-mongoid
  carrierwave-upyun
  china_city
  coffee-rails
  compass-rails
  country_select
  database_cleaner
  devise
  dkim
  doorkeeper (~> 1)!
  elasticsearch-model
  elasticsearch-rails
  factory_girl_rails
  faker
  font-awesome-rails!
  growl
  guard-livereload!
  guard-rspec
  handlebars_assets
  jasl_tenpay!
  jbuilder
  jquery-fileupload-rails
  jquery-rails
  jquery-ui-rails
  kaminari
  letter_opener!
  libnotify
  marionette-rails
  meta_request
  mini_magick
  mongoid (>= 4.0.0.alpha1)
  mongoid-grid_fs!
  mongoid-rspec
  mongoid_paranoia
  mongoid_slug
  nested_form
  newrelic_rpm
  nokogiri
  omniauth-douban-oauth2
  omniauth-oauth2!
  omniauth-qq-oauth2!
  omniauth-twitter
  omniauth-wechat!
  omniauth-weibo-oauth2
  pry-rails
  quiet_assets
  rack-utf8_sanitizer
  rails (~> 4.1.0)
  rails-i18n
  rails-timeago
  redis-rails
  rinku
  rspec-rails
  sass-rails (~> 4.0.3)
  settingslogic
  sidekiq
  sidekiq-limit_fetch
  simple_form
  simplecov
  sinatra (>= 1.3.0)
  sitemap_generator
  slim-rails
  spring
  spring-commands-rspec
  therubyracer
  thin
  twitter (>= 5.8.0)
  uglifier
  unicorn
  weibo_2!
  whenever
  wx_pay!
  x-editable-rails!
